GEM
  remote: https://rubygems.org/
  specs:
    httpclient (2.6.0.1)
    lock_jar (0.12.6)
      naether (~> 0.14.3)
      thor (>= 0.18.1)
    minitest (5.8.0)
    naether (0.14.3-java)
      httpclient
    pacer (2.0.20-java)
      lock_jar (~> 0.12.0)
    thor (0.19.1)

PLATFORMS
  java

DEPENDENCIES
  minitest
  pacer

BUNDLED WITH
   1.10.6
